GEM
  remote: https://rubygems.org/
  specs:
    diff-lcs (1.2.4)
    pattern-match (0.5.0)
    racc (1.4.9)
    rspec (2.14.1)
      rspec-core (~> 2.14.0)
      rspec-expectations (~> 2.14.0)
      rspec-mocks (~> 2.14.0)
    rspec-core (2.14.5)
    rspec-expectations (2.14.3)
      diff-lcs (>= 1.1.3, < 2.0)
    rspec-mocks (2.14.3)

PLATFORMS
  ruby

DEPENDENCIES
  pattern-match
  racc (>= 1.4.9)
  rspec
